GEM
  remote: http://rubygems.org/
  specs:
    coderay (1.0.8)
    daemons (1.1.9)
    eventmachine (1.0.0)
    method_source (0.8.1)
    pry (0.9.10)
      coderay (~> 1.0.5)
      method_source (~> 0.8)
      slop (~> 3.3.1)
    rack (1.4.1)
    rack-rewrite (1.3.2)
    redcarpet (2.2.2)
    sass (3.2.4)
    slim (1.3.5)
      temple (~> 0.5.5)
      tilt (~> 1.3.3)
    slop (3.3.3)
    temple (0.5.5)
    thin (1.5.0)
      daemons (>= 1.0.9)
      eventmachine (>= 0.12.6)
      rack (>= 1.0.0)
    tilt (1.3.3)

PLATFORMS
  ruby

DEPENDENCIES
  coderay
  pry
  rack
  rack-rewrite
  redcarpet
  sass
  slim
  thin
